GIT
  remote: git://github.com/NUBIC/surveyor.git
  revision: 1f0c476f951d06c3d06d1cec9ab1e358044ff2a2
  branch: rails3
  specs:
    surveyor (0.16.1)
      fastercsv
      formtastic
      haml

GEM
  remote: http://rubygems.org/
  specs:
    actionmailer (2.3.5)
      actionpack (= 2.3.5)
    actionpack (2.3.5)
      activesupport (= 2.3.5)
      rack (~> 1.0.0)
    activerecord (2.3.5)
      activesupport (= 2.3.5)
    activeresource (2.3.5)
      activesupport (= 2.3.5)
    activesupport (2.3.5)
    fastercsv (1.5.4)
    formtastic (1.1.0)
      actionpack (>= 2.3.0)
      activesupport (>= 2.3.0)
      i18n (>= 0.4.0)
    haml (3.1.1)
    i18n (0.5.0)
    rack (1.0.1)
    rails (2.3.5)
      actionmailer (= 2.3.5)
      actionpack (= 2.3.5)
      activerecord (= 2.3.5)
      activeresource (= 2.3.5)
      activesupport (= 2.3.5)
      rake (>= 0.8.3)
    rake (0.9.0)
    sass (3.1.1)
    sqlite3 (1.3.3)
    uuidtools (2.1.2)

PLATFORMS
  ruby

DEPENDENCIES
  fastercsv
  formtastic
  haml
  rails (= 2.3.5)
  sass
  sqlite3
  surveyor!
  uuidtools
